GEM
  remote: https://rubygems.org/
  specs:
    anemone (0.7.2)
      nokogiri (>= 1.3.0)
      robotex (>= 1.0.0)
    awesome_print (1.7.0)
    byebug (9.0.5)
    chronic (0.10.2)
    crass (1.0.2)
    diff-lcs (1.2.5)
    engtagger (0.2.0)
    fast-stemmer (1.0.2)
    graph-rank (0.0.3)
    mini_portile2 (2.1.0)
    nokogiri (1.6.8)
      mini_portile2 (~> 2.1.0)
      pkg-config (~> 1.1.7)
    nokogumbo (1.4.9)
      nokogiri
    pismo (0.7.4)
      awesome_print
      chronic
      fast-stemmer
      nokogiri
      sanitize
    pkg-config (1.1.7)
    robotex (1.0.0)
    rspec (3.5.0)
      rspec-core (~> 3.5.0)
      rspec-expectations (~> 3.5.0)
      rspec-mocks (~> 3.5.0)
    rspec-core (3.5.2)
      rspec-support (~> 3.5.0)
    rspec-expectations (3.5.0)
      diff-lcs (>= 1.2.0, < 2.0)
      rspec-support (~> 3.5.0)
    rspec-mocks (3.5.0)
      diff-lcs (>= 1.2.0, < 2.0)
      rspec-support (~> 3.5.0)
    rspec-support (3.5.0)
    sanitize (4.2.0)
      crass (~> 1.0.2)
      nokogiri (>= 1.4.4)
      nokogumbo (~> 1.4.1)

PLATFORMS
  ruby

DEPENDENCIES
  anemone
  byebug
  engtagger
  graph-rank
  pismo
  rspec
  rspec-mocks
  sanitize

RUBY VERSION
   ruby 2.3.1p112

BUNDLED WITH
   1.12.5
